GEM
  remote: http://rubygems.org/
  specs:
    addressable (2.3.4)
    alchemy-api-rb (0.2.1)
      faraday (~> 0.8.1)
    cookiejar (0.3.0)
    daemons (1.1.9)
    em-http-request (1.0.3)
      addressable (>= 2.2.3)
      cookiejar
      em-socksify
      eventmachine (>= 1.0.0.beta.4)
      http_parser.rb (>= 0.5.3)
    em-socksify (0.2.1)
      eventmachine (>= 1.0.0.beta.4)
    em-twitter (0.2.2)
      eventmachine (~> 1.0)
      http_parser.rb (~> 0.5)
      simple_oauth (~> 0.1)
    eventmachine (1.0.3)
    faraday (0.8.7)
      multipart-post (~> 1.1)
    http_parser.rb (0.5.3)
    iron_core (0.6.2)
      rest (>= 2.2.0)
    iron_mq (4.0.3)
      iron_core (>= 0.5.1)
    mime-types (1.23)
    multi_json (1.7.7)
    multipart-post (1.2.0)
    net-http-persistent (2.8)
    rest (2.6.3)
      net-http-persistent
      rest-client (>= 0.3.0)
    rest-client (1.6.7)
      mime-types (>= 1.16)
    simple_oauth (0.2.0)
    tweetstream (2.5.0)
      daemons (~> 1.1)
      em-http-request (~> 1.0.2)
      em-twitter (~> 0.2)
      twitter (~> 4.5)
      yajl-ruby (~> 1.1)
    twitter (4.8.1)
      faraday (~> 0.8, < 0.10)
      multi_json (~> 1.0)
      simple_oauth (~> 0.2)
    yajl-ruby (1.1.0)

PLATFORMS
  ruby

DEPENDENCIES
  alchemy-api-rb
  iron_mq
  tweetstream
